GEM
  remote: https://rubygems.org/
  specs:
    albacore (2.2.1)
      map (~> 6.5)
      nokogiri (~> 1.5)
      rake (~> 10)
      semver2 (~> 3.4)
    dotenv (0.11.1)
      dotenv-deployment (~> 0.0.2)
    dotenv-deployment (0.0.2)
    foreman (0.74.0)
      dotenv (~> 0.11.1)
      thor (~> 0.19.1)
    map (6.5.5)
    mini_portile (0.6.1)
    nokogiri (1.6.4.1)
      mini_portile (~> 0.6.0)
    rake (10.3.2)
    semver2 (3.4.0)
    thor (0.19.1)

PLATFORMS
  ruby

DEPENDENCIES
  albacore (~> 2.2.1)
  foreman
