NUGET
  remote: https://www.nuget.org/api/v2
  specs:
    Autofac (3.5.2)
    Autofac.WebApi2 (3.4.0)
      Autofac (>= 3.5.0 <  4.0.0)
      Microsoft.AspNet.WebApi.Core (>= 5.2.0 <  6.0.0)
    ilmerge (2.13.0307)
    Microsoft.AspNet.Cors (5.2.2)
    Microsoft.AspNet.WebApi.Client (5.2.2)
      Microsoft.Net.Http (>= 2.2.22) - portable-7.0
      Newtonsoft.Json (>= 6.0.4) - net45
      Newtonsoft.Json (>= 6.0.4) - portable-7.0
    Microsoft.AspNet.WebApi.Core (5.2.2)
      Microsoft.AspNet.WebApi.Client (>= 5.2.2)
    Microsoft.AspNet.WebApi.Owin (5.2.2)
      Microsoft.AspNet.WebApi.Core (>= 5.2.2 <  5.3.0)
      Microsoft.Owin (>= 2.0.2)
      Owin (>= 1.0)
    Microsoft.Bcl (1.1.9)
      Microsoft.Bcl.Build (>= 1.0.14)
    Microsoft.Bcl.Build (1.0.21)
    Microsoft.IdentityModel.Protocol.Extensions (1.0.0)
      System.IdentityModel.Tokens.Jwt (>= 4.0.0)
    Microsoft.Net.Http (2.2.28) - portable-7.0
      Microsoft.Bcl (>= 1.1.9)
      Microsoft.Bcl.Build (>= 1.0.14)
    Microsoft.Owin (3.0.0)
      Owin (>= 1.0)
    Microsoft.Owin.Cors (3.0.0)
      Microsoft.AspNet.Cors (>= 5.0.0)
      Microsoft.Owin (>= 3.0.0)
      Owin (>= 1.0)
    Microsoft.Owin.FileSystems (3.0.0)
    Microsoft.Owin.Host.SystemWeb (3.0.0)
      Microsoft.Owin (>= 3.0.0)
      Owin (>= 1.0)
    Microsoft.Owin.Hosting (3.0.0)
      Microsoft.Owin (>= 3.0.0)
      Owin (>= 1.0)
    Microsoft.Owin.Security (3.0.0)
      Microsoft.Owin (>= 3.0.0)
      Owin (>= 1.0)
    Microsoft.Owin.Security.Cookies (3.0.0)
      Microsoft.Owin (>= 3.0.0)
      Microsoft.Owin.Security (>= 3.0.0)
      Owin (>= 1.0)
    Microsoft.Owin.Security.Facebook (3.0.0)
      Microsoft.Owin (>= 3.0.0)
      Microsoft.Owin.Security (>= 3.0.0)
      Newtonsoft.Json (>= 6.0.4)
      Owin (>= 1.0)
    Microsoft.Owin.Security.Google (3.0.0)
      Microsoft.Owin (>= 3.0.0)
      Microsoft.Owin.Security (>= 3.0.0)
      Newtonsoft.Json (>= 6.0.4)
      Owin (>= 1.0)
    Microsoft.Owin.Security.OpenIdConnect (3.0.0)
      Microsoft.IdentityModel.Protocol.Extensions (>= 1.0.0)
      Microsoft.Owin (>= 3.0.0)
      Microsoft.Owin.Security (>= 3.0.0)
      Owin (>= 1.0)
      System.IdentityModel.Tokens.Jwt (>= 4.0.0)
    Microsoft.Owin.Security.Twitter (3.0.0)
      Microsoft.Owin (>= 3.0.0)
      Microsoft.Owin.Security (>= 3.0.0)
      Newtonsoft.Json (>= 6.0.4)
      Owin (>= 1.0)
    Microsoft.Owin.Security.WsFederation (3.0.0)
      Microsoft.IdentityModel.Protocol.Extensions (>= 1.0.0)
      Microsoft.Owin (>= 3.0.0)
      Microsoft.Owin.Security (>= 3.0.0)
      Owin (>= 1.0)
      System.IdentityModel.Tokens.Jwt (>= 4.0.0)
    Microsoft.Owin.StaticFiles (3.0.0)
      Microsoft.Owin (>= 3.0.0)
      Microsoft.Owin.FileSystems (>= 3.0.0)
      Owin (>= 1.0)
    Microsoft.Owin.Testing (3.0.0)
      Microsoft.Owin.Hosting (>= 3.0.0)
      Owin (>= 1.0)
    Moq (4.2.1409.1722)
    Newtonsoft.Json (6.0.5)
    Owin (1.0)
    psake (4.3.2)
    System.IdentityModel.Tokens.Jwt (4.0.0)
    Thinktecture.IdentityModel.Core (1.2.0)
